ObjectType = Image
NDims = 3
BinaryData = True
BinaryDataByteOrderMSB = False
CompressedData = False
TransformMatrix = 1 0 0 0 1 0 0 0 1
Offset = 0 0 0
CenterOfRotation = 0 0 0
ElementSpacing = 0.976562 0.976562 5
DimSize = 512 512 76
AnatomicalOrientation = ???
ElementType = MET_SHORT
ElementDataFile = liverFemme_target_2.raw
