ObjectType = Image
NDims = 3
BinaryData = True
BinaryDataByteOrderMSB = False
CompressedData = False
TransformMatrix = 1 0 0 0 1 0 0 0 1
Offset = 0 0 0
CenterOfRotation = 0 0 0
ElementSpacing = 0.976562 0.976562 5
DimSize = 415 235 83
AnatomicalOrientation = ???
ElementType = MET_FLOAT
ElementDataFile = patient.raw
