NDims = 3 
DimSize = 84 208 573 
ElementType = MET_FLOAT 
ElementByteOrderMSB = False
ElementSize = 3.125 3.125 3.125
ElementSpacing = 3.125 3.125 3.125
ElementDataFile = xcat.raw
